PATH
  remote: .
  specs:
    valuable (0.9.13)

GEM
  remote: http://rubygems.org/
  specs:
    diff-lcs (1.2.5)
    metaclass (0.0.1)
    mocha (0.13.2)
      metaclass (~> 0.0.1)
    rake (13.0.1)
    rspec (2.14.1)
      rspec-core (~> 2.14.0)
      rspec-expectations (~> 2.14.0)
      rspec-mocks (~> 2.14.0)
    rspec-core (2.14.8)
    rspec-expectations (2.14.5)
      diff-lcs (>= 1.1.3, < 2.0)
    rspec-mocks (2.14.6)
    test-unit (2.5.4)

PLATFORMS
  ruby

DEPENDENCIES
  mocha
  rake
  rspec (= 2.14.1)
  test-unit
  valuable!

BUNDLED WITH
   1.13.0.rc.2
